PATH
  remote: .
  specs:
    nemweb (0.2.0)
      clamp
      nokogiri
      rubyzip

GEM
  remote: https://rubygems.org/
  specs:
    clamp (1.3.1)
    diff-lcs (1.3)
    mini_portile2 (2.4.0)
    nokogiri (1.10.5)
      mini_portile2 (~> 2.4.0)
    rake (10.5.0)
    rspec (3.8.0)
      rspec-core (~> 3.8.0)
      rspec-expectations (~> 3.8.0)
      rspec-mocks (~> 3.8.0)
    rspec-core (3.8.0)
      rspec-support (~> 3.8.0)
    rspec-expectations (3.8.2)
      diff-lcs (>= 1.2.0, < 2.0)
      rspec-support (~> 3.8.0)
    rspec-mocks (3.8.0)
      diff-lcs (>= 1.2.0, < 2.0)
      rspec-support (~> 3.8.0)
    rspec-support (3.8.0)
    rubyzip (1.2.3)

PLATFORMS
  ruby

DEPENDENCIES
  bundler (~> 2.0)
  nemweb!
  rake (~> 10.0)
  rspec (~> 3.0)

BUNDLED WITH
   2.0.1
